PATH
  remote: .
  specs:
    progressbar (0.20.0)

GEM
  remote: http://rubygems.org/
  specs:
    bluecloth (2.2.0)
    minitest (4.6.2)
    multi_json (1.6.1)
    rake (10.0.3)
    simplecov (0.7.1)
      multi_json (~> 1.0)
      simplecov-html (~> 0.7.1)
    simplecov-html (0.7.1)
    yard (0.8.5.2)

PLATFORMS
  ruby

DEPENDENCIES
  bluecloth (>= 0.3.5)
  bundler (>= 1.0.0)
  minitest
  progressbar!
  rake
  simplecov (>= 0.3.5)
  yard
